GEM
  remote: https://rubygems.org/
  specs:

PLATFORMS
  x86_64-linux

DEPENDENCIES
  tzinfo-data

BUNDLED WITH
   2.2.4
